GIT
  remote: git@github.com:hanloong/debugger.git
  revision: 310de4e57f8120fa40e50a63a26aa1e042e4c128
  specs:
    debugger (1.6.6)
      columnize (>= 0.3.1)
      debugger-linecache (~> 1.2.0)
      debugger-ruby_core_source (~> 1.3.4)

GEM
  remote: https://rubygems.org/
  specs:
    columnize (0.8.9)
    debugger-linecache (1.2.0)
    debugger-ruby_core_source (1.3.5)

PLATFORMS
  ruby

DEPENDENCIES
  debugger!
